PATH
  remote: .
  specs:
    qippet (0.1.2)
      activesupport (~> 7.1, >= 7.1.3.2)
      nokogiri (~> 1.16, >= 1.16.5)
      rmagick (~> 5.5)
      rouge (~> 4.2, >= 4.2.1)

GEM
  remote: https://rubygems.org/
  specs:
    activesupport (7.1.3.2)
      base64
      bigdecimal
      concurrent-ruby (~> 1.0, >= 1.0.2)
      connection_pool (>= 2.2.5)
      drb
      i18n (>= 1.6, < 2)
      minitest (>= 5.1)
      mutex_m
      tzinfo (~> 2.0)
    ast (2.4.2)
    base64 (0.2.0)
    bigdecimal (3.1.7)
    concurrent-ruby (1.2.3)
    connection_pool (2.4.1)
    diff-lcs (1.5.0)
    drb (2.2.1)
    i18n (1.14.4)
      concurrent-ruby (~> 1.0)
    json (2.7.1)
    language_server-protocol (3.17.0.3)
    mini_portile2 (2.8.6)
    minitest (5.22.3)
    mutex_m (0.2.0)
    nokogiri (1.16.5)
      mini_portile2 (~> 2.8.2)
      racc (~> 1.4)
    nokogiri (1.16.5-x86_64-linux)
      racc (~> 1.4)
    observer (0.1.2)
    parallel (1.24.0)
    parser (3.2.2.4)
      ast (~> 2.4.1)
      racc
    pkg-config (1.5.6)
    racc (1.7.3)
    rainbow (3.1.1)
    rake (13.2.1)
    regexp_parser (2.8.3)
    rexml (3.2.6)
    rmagick (5.5.0)
      observer (~> 0.1)
      pkg-config (~> 1.4)
    rouge (4.2.1)
    rspec (3.12.0)
      rspec-core (~> 3.12.0)
      rspec-expectations (~> 3.12.0)
      rspec-mocks (~> 3.12.0)
    rspec-core (3.12.2)
      rspec-support (~> 3.12.0)
    rspec-expectations (3.12.3)
      diff-lcs (>= 1.2.0, < 2.0)
      rspec-support (~> 3.12.0)
    rspec-mocks (3.12.5)
      diff-lcs (>= 1.2.0, < 2.0)
      rspec-support (~> 3.12.0)
    rspec-support (3.12.0)
    rubocop (1.59.0)
      json (~> 2.3)
      language_server-protocol (>= 3.17.0)
      parallel (~> 1.10)
      parser (>= 3.2.2.4)
      rainbow (>= 2.2.2, < 4.0)
      regexp_parser (>= 1.8, < 3.0)
      rexml (>= 3.2.5, < 4.0)
      rubocop-ast (>= 1.30.0, < 2.0)
      ruby-progressbar (~> 1.7)
      unicode-display_width (>= 2.4.0, < 3.0)
    rubocop-ast (1.30.0)
      parser (>= 3.2.1.0)
    ruby-progressbar (1.13.0)
    tzinfo (2.0.6)
      concurrent-ruby (~> 1.0)
    unicode-display_width (2.5.0)

PLATFORMS
  ruby
  x86_64-linux

DEPENDENCIES
  qippet!
  rake (~> 13.0)
  rspec (~> 3.0)
  rubocop (~> 1.21)

BUNDLED WITH
   2.5.7
